GEM
  remote: http://rubygems.org/
  specs:
    actionmailer (2.3.11)
      actionpack (= 2.3.11)
    actionpack (2.3.11)
      activesupport (= 2.3.11)
      rack (~> 1.1.0)
    activerecord (2.3.11)
      activesupport (= 2.3.11)
    activeresource (2.3.11)
      activesupport (= 2.3.11)
    activesupport (2.3.11)
    cgi_multipart_eof_fix (2.5.0)
    context (0.0.16)
    daemons (1.1.8)
    fastthread (1.0.7)
    gem_plugin (0.2.3)
    liquid (2.3.0)
    memcached (0.18.0)
    mocha (0.9.8)
      rake
    mongrel (1.1.5)
      cgi_multipart_eof_fix (>= 2.4)
      daemons (>= 1.0.3)
      fastthread (>= 1.0.1)
      gem_plugin (>= 0.2.3)
    mysql (2.8.1)
    rack (1.1.3)
    rails (2.3.11)
      actionmailer (= 2.3.11)
      actionpack (= 2.3.11)
      activerecord (= 2.3.11)
      activeresource (= 2.3.11)
      activesupport (= 2.3.11)
      rake (>= 0.8.3)
    rake (0.8.7)

PLATFORMS
  ruby

DEPENDENCIES
  context
  liquid (= 2.3.0)
  memcached (= 0.18.0)
  mocha
  mongrel
  mysql
  rails (= 2.3.11)
